PATH
  remote: .
  specs:
    cequel (0.5.3)
      activemodel (~> 3.1)
      activesupport (~> 3.1)
      cassandra-cql (~> 1.1)
      connection_pool (~> 0.9.2)
      i18n

PATH
  remote: ../cassandra-cql
  specs:
    cassandra-cql (1.1.4)
      simple_uuid (>= 0.2.0)
      thrift_client (>= 0.7.1)

GEM
  remote: http://rubygems.org/
  specs:
    activemodel (3.2.12)
      activesupport (= 3.2.12)
      builder (~> 3.0.0)
    activesupport (3.2.12)
      i18n (~> 0.6)
      multi_json (~> 1.0)
    builder (3.0.4)
    columnize (0.3.6)
    connection_pool (0.9.3)
    debugger (1.3.3)
      columnize (>= 0.3.1)
      debugger-linecache (~> 1.1.1)
      debugger-ruby_core_source (~> 1.2.0)
    debugger-linecache (1.1.2)
      debugger-ruby_core_source (>= 1.1.1)
    debugger-ruby_core_source (1.2.0)
    diff-lcs (1.2.1)
    geminabox (0.10.1)
      builder
      httpclient (>= 2.2.7)
      sinatra
    httpclient (2.3.3)
    i18n (0.6.4)
    multi_json (1.6.1)
    mustache (0.99.4)
    rack (1.5.2)
    rack-protection (1.4.0)
      rack
    redcarpet (1.17.2)
    rocco (0.8.2)
      mustache
      redcarpet
    rspec (2.13.0)
      rspec-core (~> 2.13.0)
      rspec-expectations (~> 2.13.0)
      rspec-mocks (~> 2.13.0)
    rspec-core (2.13.0)
    rspec-expectations (2.13.0)
      diff-lcs (>= 1.1.3, < 2.0)
    rspec-mocks (2.13.0)
    simple_uuid (0.3.0)
    sinatra (1.3.5)
      rack (~> 1.4)
      rack-protection (~> 1.3)
      tilt (~> 1.3, >= 1.3.3)
    thrift (0.9.0)
    thrift_client (0.9.1)
      thrift (~> 0.9.0)
    tilt (1.3.4)
    yard (0.8.5.2)

PLATFORMS
  ruby

DEPENDENCIES
  cassandra-cql!
  cequel!
  debugger
  geminabox
  redcarpet (< 2.0)
  rocco
  rspec (~> 2.0)
  yard (~> 0.6)
